GEM
  remote: https://rubygems.org/
  specs:
    json (1.6.1)
    nokogiri (1.5.2)
    rake (0.9.2.2)
    rdoc (3.11)
      json (~> 1.4)

PLATFORMS
  ruby

DEPENDENCIES
  nokogiri
  rake
  rdoc
